GEM
  remote: http://rubygems.org/
  specs:
    rack (1.3.0)
    rack-test (0.6.0)
      rack (>= 1.0)
    sinatra (1.2.6)
      rack (~> 1.1)
      tilt (< 2.0, >= 1.2.2)
    tilt (1.3.2)

PLATFORMS
  ruby

DEPENDENCIES
  rack-test (~> 0.6.0)
  sinatra (~> 1.2.6)
