GEM
  remote: https://rubygems.org/
  specs:
    backports (3.6.4)
    rack (1.4.5)
    rdiscount (1.6.8)
    sinatra (1.2.9)
      backports
      rack (~> 1.1, < 1.5)
      tilt (>= 1.2.2, < 2.0)
    tilt (1.4.1)

PLATFORMS
  ruby

DEPENDENCIES
  rdiscount (~> 1.6.8)
  sinatra (~> 1.2.6)
